GEM
  remote: https://rubygems.org/
  specs:
    kgio (2.11.2)
    rack (2.0.6)
    raindrops (0.19.0)
    redis (4.1.0)
    redis-store (1.6.0)
      redis (>= 2.2, < 5)
    unicorn (5.5.0.pre1)
      kgio (~> 2.6)
      raindrops (~> 0.7)

PLATFORMS
  ruby

DEPENDENCIES
  rack
  redis
  redis-store (>= 1.4)
  unicorn (= 5.5.0.pre1)

BUNDLED WITH
   1.17.3
